GEM
  remote: https://rubygems.org/
  specs:
    allure-rspec (2.17.0)
      allure-ruby-commons (= 2.17.0)
      rspec-core (>= 3.8, < 4)
    allure-ruby-commons (2.17.0)
      mime-types (>= 3.3, < 4)
      oj (>= 3.10, < 4)
      require_all (>= 2, < 4)
      uuid (>= 2.3, < 3)
    diff-lcs (1.5.1)
    httparty (0.21.0)
      mini_mime (>= 1.0.0)
      multi_xml (>= 0.5.2)
    json_matchers (0.11.1)
      json_schema
    json_schema (0.21.0)
    macaddr (1.7.2)
      systemu (~> 2.6.5)
    mime-types (3.5.2)
      mime-types-data (~> 3.2015)
    mime-types-data (3.2024.0806)
    mini_mime (1.1.5)
    multi_xml (0.6.0)
    oj (3.14.2)
    require_all (3.0.0)
    rspec (3.13.0)
      rspec-core (~> 3.13.0)
      rspec-expectations (~> 3.13.0)
      rspec-mocks (~> 3.13.0)
    rspec-core (3.13.0)
      rspec-support (~> 3.13.0)
    rspec-expectations (3.13.1)
      diff-lcs (>= 1.2.0, < 2.0)
      rspec-support (~> 3.13.0)
    rspec-mocks (3.13.1)
      diff-lcs (>= 1.2.0, < 2.0)
      rspec-support (~> 3.13.0)
    rspec-support (3.13.1)
    systemu (2.6.5)
    uuid (2.3.9)
      macaddr (~> 1.0)

PLATFORMS
  x64-mingw32

DEPENDENCIES
  allure-rspec
  httparty
  json_matchers
  rspec

BUNDLED WITH
   2.3.22
